GEM
  remote: https://rubygems.org/
  specs:
    barb (0.0.1)

PLATFORMS
  x86_64-linux

DEPENDENCIES
  barb (~> 0.0.1)

BUNDLED WITH
   2.2.6
